PATH
  remote: .
  specs:
    bowtie_json_schemer (2.0.0)
      json_schemer (>= 2.0, < 3.0)

GEM
  remote: https://rubygems.org/
  specs:
    hana (1.3.7)
    json_schemer (2.1.0)
      hana (~> 1.3)
      regexp_parser (~> 2.0)
      simpleidn (~> 0.2)
    regexp_parser (2.8.2)
    simpleidn (0.2.1)
      unf (~> 0.1.4)
    unf (0.1.4)
      unf_ext
    unf_ext (0.0.9.1)

PLATFORMS
  arm64-darwin-22
  universal-darwin-21
  x86_64-linux

DEPENDENCIES
  bowtie_json_schemer!

BUNDLED WITH
   2.4.10
