PATH
  remote: .
  specs:
    bowtie_json_schemer (2.0.0)
      json_schemer (>= 2.0, < 3.0)

GEM
  remote: https://rubygems.org/
  specs:
    bigdecimal (3.1.9)
    hana (1.3.7)
    json_schemer (2.4.0)
      bigdecimal
      hana (~> 1.3)
      regexp_parser (~> 2.0)
      simpleidn (~> 0.2)
    regexp_parser (2.10.0)
    simpleidn (0.2.3)

PLATFORMS
  arm64-darwin-22
  universal-darwin-21
  x86_64-linux

DEPENDENCIES
  bowtie_json_schemer!

BUNDLED WITH
   2.4.10
